GEM
  remote: https://rubygems.org/
  specs:
    rumbda (1.1.0)
      bundler (= 1.9.9)
      thor (~> 0.19)
    thor (0.20.0)

PLATFORMS
  ruby

DEPENDENCIES
  bundler (= 1.9.9)
  rumbda
